GEM
  remote: https://rubygems.org/
  specs:
    airck (0.6.1)
      bradm
      builder (~> 3.0.0)
      erubis (~> 2.7.0)
      journey (~> 1.0.4)
      rdoc
      rmpma
      rmrwi
      thor
    bradm (0.3.9)
    builder (3.0.4)
    concurrent-ruby (1.1.7)
    diff-lcs (1.1.3)
    dry-cli (0.6.0)
      concurrent-ruby (~> 1.0)
    erubis (2.7.0)
    ffi (1.13.1)
    ilrsm (0.0.4)
    journey (1.0.4)
    mime-types (1.25.1)
    pastel (0.8.0)
      tty-color (~> 0.5)
    polyglot (0.3.5)
    power_assert (1.2.0)
    rabtf (0.0.3)
      airck
      rspec-core (~> 2.12.0)
      rspec-expectations (~> 2.12.0)
      rspec-mocks (~> 2.12.0)
    rapic (0.0.4)
    rb-fsevent (0.10.4)
    rb-inotify (0.10.1)
      ffi (~> 1.0)
    rcfmp (0.0.2)
      rtmfr
      turat
    rdoc (6.2.1)
    rmpma (0.0.8)
      ilrsm
      mime-types (~> 1.16)
      trtpi
    rmrwi (0.1.9)
    rspec-core (2.12.2)
    rspec-expectations (2.12.1)
      diff-lcs (~> 1.1.3)
    rspec-mocks (2.12.2)
    rtmfr (0.1.5)
      rabtf
      rapic
      sarsa
    sarsa (0.0.4)
      airck
      sass (>= 3.1.10)
      tilt (~> 1.3)
    sass (3.7.4)
      sass-listen (~> 4.0.0)
    sass-listen (4.0.0)
      rb-fsevent (~> 0.9, >= 0.9.4)
      rb-inotify (~> 0.9, >= 0.9.7)
    thor (1.0.1)
    tilt (1.4.1)
    trtpi (0.0.1)
      polyglot (>= 0.3.1)
    tty-color (0.5.2)
    tty-cursor (0.7.1)
    tty-editor (0.5.1)
      tty-prompt (~> 0.19)
      tty-which (~> 0.4)
    tty-prompt (0.22.0)
      pastel (~> 0.8)
      tty-reader (~> 0.8)
    tty-reader (0.8.0)
      tty-cursor (~> 0.7)
      tty-screen (~> 0.8)
      wisper (~> 2.0)
    tty-screen (0.8.1)
    tty-which (0.4.2)
    turat (0.0.1)
      power_assert
    wisper (2.0.1)

PLATFORMS
  ruby

DEPENDENCIES
  dry-cli (~> 0.6)
  rcfmp (~> 0.0.2)
  tty-editor (~> 0.5.1)

RUBY VERSION
   ruby 2.7.2p137

BUNDLED WITH
   2.1.4
